GEM
  remote: https://rubygems.org/
  specs:
    gosu (1.4.3)
    slop (4.9.2)

PLATFORMS
  arm64-darwin-21

DEPENDENCIES
  gosu (~> 1.4)
  slop (~> 4.9)

BUNDLED WITH
   2.3.13
